GEM
  specs:
    activerecord (2.3.10)
      activesupport (= 2.3.10)
    activesupport (2.3.10)
    i18n (0.5.0)
    money (3.5.5)
      i18n (~> 0.4)
    sqlite3-ruby (1.2.5)

PLATFORMS
  ruby

DEPENDENCIES
  activerecord
  activesupport
  money (> 3.0.3)
  sqlite3-ruby
